PATH
  remote: .
  specs:
    cknife (1.0.3)
      actionpack (> 3)
      activesupport (> 3)
      builder (~> 3.0)
      daemons
      fog-aws
      i18n (~> 0)
      mail (~> 2.4)
      nokogiri (~> 1, >= 1.6)
      rest-client (~> 1, >= 1.6)
      thor (~> 0, >= 0.14)
      unf (~> 0, >= 0.1)

GEM
  remote: http://rubygems.org/
  specs:
    actionpack (4.1.16)
      actionview (= 4.1.16)
      activesupport (= 4.1.16)
      rack (~> 1.5.2)
      rack-test (~> 0.6.2)
    actionview (4.1.16)
      activesupport (= 4.1.16)
      builder (~> 3.1)
      erubis (~> 2.7.0)
    activesupport (4.1.16)
      i18n (~> 0.6, >= 0.6.9)
      json (~> 1.7, >= 1.7.7)
      minitest (~> 5.1)
      thread_safe (~> 0.1)
      tzinfo (~> 1.1)
    addressable (2.4.0)
    builder (3.2.3)
    daemons (1.2.3)
    descendants_tracker (0.0.4)
      thread_safe (~> 0.3, >= 0.3.1)
    domain_name (0.5.20180417)
      unf (>= 0.0.5, < 1.0.0)
    erubis (2.7.0)
    excon (0.62.0)
    faraday (0.9.2)
      multipart-post (>= 1.2, < 3)
    fog-aws (2.0.1)
      fog-core (~> 1.38)
      fog-json (~> 1.0)
      fog-xml (~> 0.1)
      ipaddress (~> 0.8)
    fog-core (1.45.0)
      builder
      excon (~> 0.58)
      formatador (~> 0.2)
    fog-json (1.2.0)
      fog-core
      multi_json (~> 1.10)
    fog-xml (0.1.3)
      fog-core
      nokogiri (>= 1.5.11, < 2.0.0)
    formatador (0.2.5)
    git (1.5.0)
    github_api (0.16.0)
      addressable (~> 2.4.0)
      descendants_tracker (~> 0.0.4)
      faraday (~> 0.8, < 0.10)
      hashie (>= 3.4)
      mime-types (>= 1.16, < 3.0)
      oauth2 (~> 1.0)
    hashie (3.6.0)
    highline (2.0.0)
    http-cookie (1.0.3)
      domain_name (~> 0.5)
    i18n (0.6.11)
    ipaddress (0.8.3)
    jeweler (2.3.9)
      builder
      bundler
      git (>= 1.2.5)
      github_api (~> 0.16.0)
      highline (>= 1.6.15)
      nokogiri (>= 1.5.10)
      psych
      rake
      rdoc
      semver2
    json (1.8.6)
    jwt (1.5.6)
    mail (2.5.5)
      mime-types (~> 1.16)
      treetop (~> 1.4.8)
    mime-types (1.25.1)
    mini_portile2 (2.3.0)
    minitest (5.11.3)
    multi_json (1.13.1)
    multi_xml (0.6.0)
    multipart-post (2.0.0)
    netrc (0.11.0)
    nokogiri (1.8.5)
      mini_portile2 (~> 2.3.0)
    oauth2 (1.4.0)
      faraday (>= 0.8, < 0.13)
      jwt (~> 1.0)
      multi_json (~> 1.3)
      multi_xml (~> 0.5)
      rack (>= 1.2, < 3)
    polyglot (0.3.5)
    psych (3.0.2)
    rack (1.5.5)
    rack-test (0.6.3)
      rack (>= 1.0)
    rake (12.3.1)
    rdoc (6.0.4)
    rest-client (1.8.0)
      http-cookie (>= 1.0.2, < 2.0)
      mime-types (>= 1.16, < 3.0)
      netrc (~> 0.7)
    semver2 (3.4.2)
    thor (0.14.6)
    thread_safe (0.3.6)
    treetop (1.4.15)
      polyglot
      polyglot (>= 0.3.1)
    tzinfo (1.2.5)
      thread_safe (~> 0.1)
    unf (0.1.3)
      unf_ext
    unf_ext (0.0.6)

PLATFORMS
  ruby

DEPENDENCIES
  actionpack (> 3.2.22.2)
  activesupport (> 4.1.11)
  builder (~> 3.0)
  bundler (~> 1.0)
  cknife!
  daemons
  fog-aws (< 3.0)
  i18n (~> 0.6.6)
  jeweler (~> 2.1)
  mail (~> 2.5.5)
  nokogiri (~> 1, >= 1.8.2)
  rest-client (~> 1, >= 1.8.0)
  thor (~> 0, >= 0.14)
  unf (~> 0, >= 0.1)

BUNDLED WITH
   1.16.5
